PATH
  remote: .
  specs:
    fluent-plugin-syslog-tls (2.0.0)
      fluentd (>= 0.14.0, < 2)

GEM
  remote: https://rubygems.org/
  specs:
    addressable (2.6.0)
      public_suffix (>= 2.0.2, < 4.0)
    concurrent-ruby (1.1.9)
    cool.io (1.7.1)
    coveralls (0.8.23)
      json (>= 1.8, < 3)
      simplecov (~> 0.16.1)
      term-ansicolor (~> 1.3)
      thor (>= 0.19.4, < 2.0)
      tins (~> 1.6)
    crack (0.4.3)
      safe_yaml (~> 1.0.0)
    docile (1.3.1)
    fluentd (1.14.2)
      bundler
      cool.io (>= 1.4.5, < 2.0.0)
      http_parser.rb (>= 0.5.1, < 0.8.0)
      msgpack (>= 1.3.1, < 2.0.0)
      serverengine (>= 2.2.2, < 3.0.0)
      sigdump (~> 0.2.2)
      strptime (>= 0.2.4, < 1.0.0)
      tzinfo (>= 1.0, < 3.0)
      tzinfo-data (~> 1.0)
      webrick (>= 1.4.2, < 1.8.0)
      yajl-ruby (~> 1.0)
    hashdiff (0.4.0)
    http_parser.rb (0.7.0)
    json (2.2.0)
    minitest (5.11.3)
    minitest-stub_any_instance (1.0.2)
    msgpack (1.4.2)
    power_assert (1.1.4)
    public_suffix (3.1.0)
    rake (12.3.2)
    safe_yaml (1.0.5)
    serverengine (2.2.4)
      sigdump (~> 0.2.2)
    sigdump (0.2.4)
    simplecov (0.16.1)
      docile (~> 1.1)
      json (>= 1.8, < 3)
      simplecov-html (~> 0.10.0)
    simplecov-html (0.10.2)
    strptime (0.2.5)
    term-ansicolor (1.7.1)
      tins (~> 1.0)
    test-unit (3.3.3)
      power_assert
    thor (0.20.3)
    tins (1.20.3)
    tzinfo (2.0.4)
      concurrent-ruby (~> 1.0)
    tzinfo-data (1.2021.5)
      tzinfo (>= 1.0.0)
    webmock (3.5.1)
      addressable (>= 2.3.6)
      crack (>= 0.3.2)
      hashdiff
    webrick (1.7.0)
    yajl-ruby (1.4.1)

PLATFORMS
  ruby

DEPENDENCIES
  coveralls
  fluent-plugin-syslog-tls!
  minitest (~> 5.8)
  minitest-stub_any_instance (~> 1.0.0)
  rake
  simplecov (~> 0.11)
  test-unit (~> 3.1)
  webmock (~> 3.0)

BUNDLED WITH
   1.17.3
